GEM
  remote: https://rubygems.org/
  specs:
    faraday (0.9.0)
      multipart-post (>= 1.2, < 3)
    faraday_middleware (0.9.1)
      faraday (>= 0.7.4, < 0.10)
    multipart-post (2.0.0)
    rakuten_web_service (0.6.2)
      faraday (>= 0.8.8, < 0.10.0)
      faraday_middleware

PLATFORMS
  ruby

DEPENDENCIES
  rakuten_web_service
